NUGET
  remote: https://nuget.org/api/v2
  specs:
    FAKE (3.7.2)
    FSharp.Compiler.Service (0.0.67)
    FSharp.Formatting (2.4.34)
      FSharp.Compiler.Service (0.0.67)
      Microsoft.AspNet.Razor (2.0.30506.0)
      RazorEngine (3.3.0)
    Microsoft.AspNet.Razor (2.0.30506.0)
    NuGet.CommandLine (2.8.3)
    NUnit (2.6.3)
    NUnit.Runners (2.6.3)
    RazorEngine (3.3.0)
      Microsoft.AspNet.Razor (>= 2.0.30506.0)
    SourceLink.Fake (0.4.0)
GITHUB
  remote: hakimel/reveal.js
  specs:
    FULLPROJECT (9da952fea30906090446d038430186b11dba7f13)