NUGET
  remote: https://nuget.org/api/v2
  specs:
    FAKE (3.13.4)
    FSharp.Compiler.Service (0.0.81)
    FSharp.Formatting (2.6.0)
      FSharp.Compiler.Service (>= 0.0.81)
    Microsoft.Bcl (1.1.9)
      Microsoft.Bcl.Build (>= 1.0.14)
    Microsoft.Bcl.Build (1.0.21)
    Microsoft.Net.Http (2.2.28)
      Microsoft.Bcl (>= 1.1.9)
      Microsoft.Bcl.Build (>= 1.0.14)
    NuGet.CommandLine (2.8.3)
    NUnit (2.6.4)
    NUnit.Runners (2.6.4)
    Octokit (0.6.2)
      Microsoft.Net.Http
    SourceLink.Fake (0.4.2)
GITHUB
  remote: hakimel/reveal.js
  specs:
    FULLPROJECT (9da952fea30906090446d038430186b11dba7f13)
  remote: forki/FsUnit
  specs:
    FsUnit.fs (a8830b5a70e72a1948592cfa1e43e3c5b0a31b92)
  remote: fsharp/FAKE
  specs:
    modules/Octokit/Octokit.fsx (7348fb83ca25a6c3de4965769c0050845ec67c6b)
      Octokit