NUGET
  remote: https://nuget.org/api/v2
  specs:
    FSharp.Compiler.Service (0.0.90)
    FSharp.Formatting (2.11.0)
      FSharp.Compiler.Service (>= 0.0.90 <= 1.3)
      FSharpVSPowerTools.Core (1.9.0)
    FSharpVSPowerTools.Core (1.9.0)
      FSharp.Compiler.Service (>= 0.0.90)
GITHUB
  remote: fsprojects/reveal.js
  specs:
    FULLPROJECT (920b5893d4ece930b2fb60409445a425e8ce94e3)
GROUP Build
NUGET
  remote: https://nuget.org/api/v2
  specs:
    FAKE (4.6.3)
    Microsoft.Bcl (1.1.10)
      Microsoft.Bcl.Build (>= 1.0.14)
    Microsoft.Bcl.Build (1.0.21) - import_targets: false
    Microsoft.Net.Http (2.2.29)
      Microsoft.Bcl (>= 1.1.10)
      Microsoft.Bcl.Build (>= 1.0.14)
    Octokit (0.16.0)
      Microsoft.Net.Http
    SourceLink.Fake (1.1.0)
GITHUB
  remote: fsharp/FAKE
  specs:
    modules/Octokit/Octokit.fsx (3109bef4499ef64d5b29b1b56ff207dd985101e8)
      Octokit
GROUP Test
NUGET
  remote: https://nuget.org/api/v2
  specs:
    NUnit (2.6.4)
    NUnit.Runners (2.6.4)
GITHUB
  remote: forki/FsUnit
  specs:
    FsUnit.fs (81d27fd09575a32c4ed52eadb2eeac5f365b8348)